ObjectType = Image
NDims = 3
BinaryData = True
BinaryDataByteOrderMSB = False
CompressedData = False
TransformMatrix = 1 0 0 0 1 0 0 0 1
Offset = 0 0 0
CenterOfRotation = 0 0 0
AnatomicalOrientation = RAI
ElementSpacing = 5.000000 5.000000 5.000000
DimSize = 96 96 96
ElementType = MET_DOUBLE
ElementDataFile = MC2patientCT.raw
